GEM
  remote: https://rubygems.org/
  specs:
    bcrypt (3.1.13)
    blowfish (1.0.1)
    coderay (1.1.2)
    method_source (0.9.2)
    pry (0.12.2)
      coderay (~> 1.1.0)
      method_source (~> 0.9.0)
    rack (2.2.3)
    sequel (5.29.0)
    sqlite3 (1.4.2)

PLATFORMS
  ruby
  x64-mingw32

DEPENDENCIES
  bcrypt
  blowfish
  pry
  rack
  sequel
  sqlite3

BUNDLED WITH
   2.1.4
